PATH
  remote: .
  specs:
    dmp (0.1.2)
      clipboard (~> 1.1)
      colorize (~> 0.8)
      thor (~> 0.20)

GEM
  remote: https://rubygems.org/
  specs:
    ansi (1.5.0)
    builder (3.2.3)
    clipboard (1.1.2)
    colorize (0.8.1)
    minitest (5.11.3)
    minitest-reporters (1.3.4)
      ansi
      builder
      minitest (>= 5.0)
      ruby-progressbar
    rake (10.5.0)
    ruby-progressbar (1.10.0)
    thor (0.20.0)

PLATFORMS
  ruby

DEPENDENCIES
  bundler (~> 1.16)
  dmp!
  minitest (~> 5.0)
  minitest-reporters (~> 1.3)
  rake (~> 10.0)

BUNDLED WITH
   1.16.4
